GEM
  remote: https://rubygems.org/
  specs:
    actioncable (5.2.0)
      actionpack (= 5.2.0)
      nio4r (~> 2.0)
      websocket-driver (>= 0.6.1)
    actionmailer (5.2.0)
      actionpack (= 5.2.0)
      actionview (= 5.2.0)
      activejob (= 5.2.0)
      mail (~> 2.5, >= 2.5.4)
      rails-dom-testing (~> 2.0)
    actionpack (5.2.0)
      actionview (= 5.2.0)
      activesupport (= 5.2.0)
      rack (~> 2.0)
      rack-test (>= 0.6.3)
      rails-dom-testing (~> 2.0)
      rails-html-sanitizer (~> 1.0, >= 1.0.2)
    actionview (5.2.0)
      activesupport (= 5.2.0)
      builder (~> 3.1)
      erubi (~> 1.4)
      rails-dom-testing (~> 2.0)
      rails-html-sanitizer (~> 1.0, >= 1.0.3)
    activejob (5.2.0)
      activesupport (= 5.2.0)
      globalid (>= 0.3.6)
    activemerchant (1.80.0)
      activesupport (>= 4.2, < 6.x)
      builder (>= 2.1.2, < 4.0.0)
      i18n (>= 0.6.9)
      nokogiri (~> 1.4)
    activemodel (5.2.0)
      activesupport (= 5.2.0)
    activerecord (5.2.0)
      activemodel (= 5.2.0)
      activesupport (= 5.2.0)
      arel (>= 9.0)
    activestorage (5.2.0)
      actionpack (= 5.2.0)
      activerecord (= 5.2.0)
      marcel (~> 0.3.1)
    activesupport (5.2.0)
      concurrent-ruby (~> 1.0, >= 1.0.2)
      i18n (>= 0.7, < 2)
      minitest (~> 5.1)
      tzinfo (~> 1.1)
    addressable (2.5.2)
      public_suffix (>= 2.0.2, < 4.0)
    annotate (2.7.4)
      activerecord (>= 3.2, < 6.0)
      rake (>= 10.4, < 13.0)
    arel (9.0.0)
    baby_squeel (1.3.1)
      activerecord (>= 4.2.0)
      join_dependency (~> 0.1.2)
      polyamorous (~> 1.3)
    bcrypt (3.1.12)
    bootsnap (1.3.1)
      msgpack (~> 1.0)
    builder (3.2.3)
    byebug (10.0.2)
    camalian (0.0.3)
      cocaine
      oily_png (~> 1.2.0)
      rmagick (~> 2.15.4)
    chunky_png (1.3.10)
    climate_control (0.2.0)
    cocaine (0.6.0)
      terrapin (= 0.6.0)
    color-rgb (0.0.2)
    concurrent-ruby (1.0.5)
    crass (1.0.4)
    declarative (0.0.10)
    declarative-option (0.1.0)
    digest-crc (0.4.1)
    domain_name (0.5.20180417)
      unf (>= 0.0.5, < 1.0.0)
    dotenv (2.5.0)
    dotenv-rails (2.5.0)
      dotenv (= 2.5.0)
      railties (>= 3.2, < 6.0)
    erubi (1.7.1)
    faraday (0.15.2)
      multipart-post (>= 1.2, < 3)
    ffi (1.9.25)
    globalid (0.4.1)
      activesupport (>= 4.2.0)
    google-api-client (0.23.4)
      addressable (~> 2.5, >= 2.5.1)
      googleauth (>= 0.5, < 0.7.0)
      httpclient (>= 2.8.1, < 3.0)
      mime-types (~> 3.0)
      representable (~> 3.0)
      retriable (>= 2.0, < 4.0)
    google-cloud-core (1.2.2)
      google-cloud-env (~> 1.0)
    google-cloud-env (1.0.2)
      faraday (~> 0.11)
    google-cloud-storage (1.13.0)
      digest-crc (~> 0.4)
      google-api-client (~> 0.23)
      google-cloud-core (~> 1.2)
      googleauth (~> 0.6.2)
    google-cloud-vision (0.30.1)
      google-cloud-core (~> 1.2)
      google-gax (~> 1.3)
    google-gax (1.3.0)
      google-protobuf (~> 3.2)
      googleapis-common-protos (>= 1.3.5, < 2.0)
      googleauth (~> 0.6.2)
      grpc (>= 1.7.2, < 2.0)
      rly (~> 0.2.3)
    google-protobuf (3.6.1)
    googleapis-common-protos (1.3.7)
      google-protobuf (~> 3.0)
      googleapis-common-protos-types (~> 1.0)
      grpc (~> 1.0)
    googleapis-common-protos-types (1.0.2)
      google-protobuf (~> 3.0)
    googleauth (0.6.2)
      faraday (~> 0.12)
      jwt (>= 1.4, < 3.0)
      logging (~> 2.0)
      memoist (~> 0.12)
      multi_json (~> 1.11)
      os (~> 0.9)
      signet (~> 0.7)
    grpc (1.14.1)
      google-protobuf (~> 3.1)
      googleapis-common-protos-types (~> 1.0.0)
    http-cookie (1.0.3)
      domain_name (~> 0.5)
    httparty (0.16.2)
      multi_xml (>= 0.5.2)
    httpclient (2.8.3)
    i18n (1.0.1)
      concurrent-ruby (~> 1.0)
    image_processing (1.6.0)
      mini_magick (~> 4.0)
      ruby-vips (>= 2.0.11, < 3)
    jbuilder (2.7.0)
      activesupport (>= 4.2.0)
      multi_json (>= 1.2)
    join_dependency (0.1.2)
      activerecord (>= 4.2.0)
    jwt (2.1.0)
    listen (3.1.5)
      rb-fsevent (~> 0.9, >= 0.9.4)
      rb-inotify (~> 0.9, >= 0.9.7)
      ruby_dep (~> 1.2)
    little-plugger (1.1.4)
    logging (2.2.2)
      little-plugger (~> 1.1)
      multi_json (~> 1.10)
    loofah (2.2.2)
      crass (~> 1.0.2)
      nokogiri (>= 1.5.9)
    mail (2.7.0)
      mini_mime (>= 0.1.1)
    marcel (0.3.2)
      mimemagic (~> 0.3.2)
    memoist (0.16.0)
    method_source (0.9.0)
    mime-types (3.1)
      mime-types-data (~> 3.2015)
    mime-types-data (3.2016.0521)
    mimemagic (0.3.2)
    mini_magick (4.8.0)
    mini_mime (1.0.0)
    mini_portile2 (2.3.0)
    minitest (5.11.3)
    monetize (1.7.0)
      money (~> 6.9)
    money (6.11.3)
      i18n (>= 0.6.4, < 1.1)
    money-rails (1.11.0)
      activesupport (>= 3.0)
      monetize (~> 1.7.0)
      money (~> 6.11.0)
      railties (>= 3.0)
    msgpack (1.2.4)
    multi_json (1.13.1)
    multi_xml (0.6.0)
    multipart-post (2.0.0)
    mysql2 (0.5.2)
    netrc (0.11.0)
    nio4r (2.3.1)
    nokogiri (1.8.4)
      mini_portile2 (~> 2.3.0)
    oily_png (1.2.1)
      chunky_png (~> 1.3.7)
    os (0.9.6)
    polyamorous (1.3.3)
      activerecord (>= 3.0)
    public_suffix (3.0.2)
    puma (3.12.0)
    rack (2.0.5)
    rack-cors (1.0.2)
    rack-test (1.0.0)
      rack (>= 1.0, < 3)
    rails (5.2.0)
      actioncable (= 5.2.0)
      actionmailer (= 5.2.0)
      actionpack (= 5.2.0)
      actionview (= 5.2.0)
      activejob (= 5.2.0)
      activemodel (= 5.2.0)
      activerecord (= 5.2.0)
      activestorage (= 5.2.0)
      activesupport (= 5.2.0)
      bundler (>= 1.3.0)
      railties (= 5.2.0)
      sprockets-rails (>= 2.0.0)
    rails-dom-testing (2.0.3)
      activesupport (>= 4.2.0)
      nokogiri (>= 1.6)
    rails-html-sanitizer (1.0.4)
      loofah (~> 2.2, >= 2.2.2)
    railties (5.2.0)
      actionpack (= 5.2.0)
      activesupport (= 5.2.0)
      method_source
      rake (>= 0.8.7)
      thor (>= 0.18.1, < 2.0)
    rake (12.3.1)
    rb-fsevent (0.10.3)
    rb-inotify (0.9.10)
      ffi (>= 0.5.0, < 2)
    representable (3.0.4)
      declarative (< 0.1.0)
      declarative-option (< 0.2.0)
      uber (< 0.2.0)
    rest-client (2.0.2)
      http-cookie (>= 1.0.2, < 2.0)
      mime-types (>= 1.16, < 4.0)
      netrc (~> 0.8)
    retriable (3.1.2)
    rly (0.2.3)
    rmagick (2.15.4)
    ruby-vips (2.0.12)
      ffi (~> 1.9)
    ruby_dep (1.5.0)
    signet (0.8.1)
      addressable (~> 2.3)
      faraday (~> 0.9)
      jwt (>= 1.5, < 3.0)
      multi_json (~> 1.10)
    spring (2.0.2)
      activesupport (>= 4.2)
    spring-watcher-listen (2.0.1)
      listen (>= 2.7, < 4.0)
      spring (>= 1.2, < 3.0)
    sprockets (3.7.2)
      concurrent-ruby (~> 1.0)
      rack (> 1, < 3)
    sprockets-rails (3.2.1)
      actionpack (>= 4.0)
      activesupport (>= 4.0)
      sprockets (>= 3.0.0)
    terrapin (0.6.0)
      climate_control (>= 0.0.3, < 1.0)
    thor (0.20.0)
    thread_safe (0.3.6)
    tzinfo (1.2.5)
      thread_safe (~> 0.1)
    uber (0.1.0)
    unf (0.1.4)
      unf_ext
    unf_ext (0.0.7.5)
    websocket-driver (0.7.0)
      websocket-extensions (>= 0.1.0)
    websocket-extensions (0.1.3)
    will_paginate (3.1.6)

PLATFORMS
  ruby

DEPENDENCIES
  activemerchant
  annotate
  baby_squeel
  bcrypt (~> 3.1.7)
  bootsnap (>= 1.1.0)
  byebug
  camalian
  color-rgb
  dotenv-rails
  google-cloud-storage (~> 1.8)
  google-cloud-vision
  httparty
  image_processing (~> 1.2)
  jbuilder (~> 2.5)
  jwt
  listen (>= 3.0.5, < 3.2)
  money-rails (~> 1)
  mysql2 (>= 0.3.18, < 0.6.0)
  puma (~> 3.7)
  rack-cors
  rails (~> 5.2.0)
  rest-client
  spring
  spring-watcher-listen (~> 2.0.0)
  tzinfo-data
  will_paginate

BUNDLED WITH
   1.16.1
